GEM
  remote: https://rubygems.org/
  specs:
    addressable (2.3.5)
    bson (1.9.1)
    bson_ext (1.9.1)
      bson (~> 1.9.1)
    daemons (1.1.9)
    em-websocket (0.3.8)
      addressable (>= 2.1.1)
      eventmachine (>= 0.12.9)
    eventmachine (1.0.3)
    haml (4.0.3)
      tilt
    memcached (1.6.1)
    mongo (1.9.1)
      bson (~> 1.9.1)
    rack (1.5.2)
    rack-protection (1.5.0)
      rack
    sinatra (1.4.3)
      rack (~> 1.4)
      rack-protection (~> 1.4)
      tilt (~> 1.3, >= 1.3.4)
    sinatra-websocket (0.3.0)
      em-websocket (~> 0.3.6)
      eventmachine
      thin (>= 1.3.1)
    thin (1.5.1)
      daemons (>= 1.0.9)
      eventmachine (>= 0.12.6)
      rack (>= 1.0.0)
    tilt (1.4.1)

PLATFORMS
  ruby

DEPENDENCIES
  bson_ext
  daemons
  haml
  memcached
  mongo
  sinatra
  sinatra-websocket
  thin
